GEM
  remote: https://rubygems.org/
  specs:
    coffee-script (2.2.0)
      coffee-script-source
      execjs
    coffee-script-source (1.6.3)
    directory_watcher (1.4.1)
    execjs (2.0.1)
    haml (4.0.3)
      tilt
    kgio (2.8.1)
    rack (1.5.2)
    raindrops (0.12.0)
    redcarpet (3.0.0)
    sass (3.2.10)
    slop (3.3.2)
    stasis (0.2.0)
      directory_watcher (= 1.4.1)
      slop (= 3.3.2)
      tilt (= 1.3.3)
    tilt (1.3.3)
    unicorn (4.6.3)
      kgio (~> 2.6)
      rack
      raindrops (~> 0.7)

PLATFORMS
  ruby

DEPENDENCIES
  coffee-script
  haml
  redcarpet
  sass
  stasis
  unicorn
